PATH
  remote: .
  specs:
    lemonway_ruby (1.0.1)
      activesupport (~> 6.1.5)

GEM
  remote: https://rubygems.org/
  specs:
    activesupport (6.1.7.3)
      concurrent-ruby (~> 1.0, >= 1.0.2)
      i18n (>= 1.6, < 2)
      minitest (>= 5.1)
      tzinfo (~> 2.0)
      zeitwerk (~> 2.3)
    ansi (1.5.0)
    builder (3.2.4)
    concurrent-ruby (1.2.2)
    dotenv (2.8.1)
    i18n (1.12.0)
      concurrent-ruby (~> 1.0)
    minitest (5.18.0)
    minitest-reporters (1.6.0)
      ansi
      builder
      minitest (>= 5.0)
      ruby-progressbar
    rake (13.0.6)
    ruby-progressbar (1.13.0)
    tzinfo (2.0.6)
      concurrent-ruby (~> 1.0)
    zeitwerk (2.6.7)

PLATFORMS
  -darwin-21
  arm64-darwin-21
  arm64-darwin-22
  x86_64-darwin-22

DEPENDENCIES
  dotenv
  lemonway_ruby!
  minitest
  minitest-reporters
  rake

BUNDLED WITH
   2.3.5